GEM
  remote: http://rubygems.org/
  specs:
    redcarpet (3.1.1)

PLATFORMS
  ruby

DEPENDENCIES
  redcarpet
